PATH
  remote: .
  specs:
    postal-ruby (0.0.1)
      moonrope-client (>= 1.0.2, < 1.1)

GEM
  remote: https://rubygems.org/
  specs:
    json (2.5.1)
    moonrope-client (1.0.5)
      json

PLATFORMS
  ruby

DEPENDENCIES
  postal-ruby!

BUNDLED WITH
   1.13.0
